GEM
  remote: https://rubygems.org/
  specs:
    rake (13.1.0)

PLATFORMS
  x64-mingw-ucrt
  x86_64-linux

DEPENDENCIES
  rake (~> 13.0, >= 13.0.6)

RUBY VERSION
   ruby 3.2.2p53

BUNDLED WITH
   2.4.10
