GEM
  specs:
    

PLATFORMS
  x64-mingw-ucrt
  x86_64-linux

DEPENDENCIES
  rake (>= 0.9.2)

BUNDLED WITH
   2.4.10
