GEM
  specs:
    rake (13.1.0)

PLATFORMS
  x64-mingw-ucrt

DEPENDENCIES
  rake (>= 0.9.2)

BUNDLED WITH
   2.4.10
