GEM
  specs:
    rake (13.1.0)

PLATFORMS
  x64-mingw-ucrt
  x86_64-linux

DEPENDENCIES
  rake (~> 13.1)

BUNDLED WITH
   2.4.10
